GEM
  remote: https://rubygems.org/
  specs:
    google-protobuf (3.25.5)
    google-protobuf (3.25.5-aarch64-linux)
    google-protobuf (3.25.5-arm64-darwin)
    google-protobuf (3.25.5-x86-linux)
    google-protobuf (3.25.5-x86_64-darwin)
    google-protobuf (3.25.5-x86_64-linux)
    googleapis-common-protos-types (1.16.0)
      google-protobuf (>= 3.18, < 5.a)
    grpc (1.46.2)
      google-protobuf (~> 3.19)
      googleapis-common-protos-types (~> 1.0)
    grpc (1.46.2-x86-linux)
      google-protobuf (~> 3.19)
      googleapis-common-protos-types (~> 1.0)
    grpc (1.46.2-x86_64-darwin)
      google-protobuf (~> 3.19)
      googleapis-common-protos-types (~> 1.0)
    grpc (1.46.2-x86_64-linux)
      google-protobuf (~> 3.19)
      googleapis-common-protos-types (~> 1.0)
    grpc-tools (1.66.0)
    openssl (3.2.0)
    openssl-oaep (0.1.0)
    strongdm (11.10.0)
      grpc (~> 1.36)
      grpc-tools (~> 1.36)
      openssl (~> 3.1)

PLATFORMS
  aarch64-linux
  arm64-darwin
  ruby
  x86-linux
  x86_64-darwin
  x86_64-linux

DEPENDENCIES
  grpc (= 1.46.2)
  openssl-oaep (= 0.1.0)
  strongdm (>= 11.10.0)

RUBY VERSION
   ruby 3.1.2p20

BUNDLED WITH
   2.5.6
