GEM
  remote: https://rubygems.org/
  specs:
    google-protobuf (3.12.2)
    googleapis-common-protos-types (1.0.5)
      google-protobuf (~> 3.11)
    grpc (1.27.0)
      google-protobuf (~> 3.11)
      googleapis-common-protos-types (~> 1.0)
    grpc-tools (1.27.0)
    ipaddr (1.2.2)
    openssl (2.1.2)
      ipaddr
    strongdm (2.0.0)
      grpc (~> 1.27.0, >= 1.27.0)
      grpc-tools (~> 1.27.0, >= 1.27.0)
      openssl (~> 2.1.2, >= 2.1.2)

PLATFORMS
  ruby

DEPENDENCIES
  strongdm

RUBY VERSION
   ruby 2.6.6p146

BUNDLED WITH
   2.1.4
