GEM
  remote: https://rubygems.org/
  specs:
    addressable (2.7.0)
      public_suffix (>= 2.0.2, < 5.0)
    faraday (1.0.0)
      multipart-post (>= 1.2, < 3)
    google-protobuf (3.11.4)
    googleapis-common-protos-types (1.0.4)
      google-protobuf (~> 3.0)
    grpc (1.27.0)
      google-protobuf (~> 3.11)
      googleapis-common-protos-types (~> 1.0)
    grpc-tools (1.27.0)
    ipaddr (1.2.2)
    multipart-post (2.1.1)
    oktakit (0.2.0)
      sawyer (~> 0.8.1)
    openssl (2.1.2)
      ipaddr
    public_suffix (4.0.3)
    sawyer (0.8.2)
      addressable (>= 2.3.5)
      faraday (> 0.8, < 2.0)
    strongdm (1.0.0)
      grpc (~> 1.27.0, >= 1.27.0)
      grpc-tools (~> 1.27.0, >= 1.27.0)
      openssl (~> 2.1.2, >= 2.1.2)

PLATFORMS
  ruby

DEPENDENCIES
  oktakit
  strongdm

BUNDLED WITH
   1.17.2
